GIT
  remote: git@github.com:LaNetscouade/lns-deploy.git
  revision: bbfa470114c36ce0e15e47d4b81009b072c4c8f0
  branch: gemfile
  specs:
    lns-deploy (1.0)
      capistrano (>= 2.13.5, <= 2.16.0)
      colored (>= 1.2.0)
      railsless-deploy
      ruby-progressbar (= 1.4.1)
      term-ansicolor

GEM
  remote: https://rubygems.org/
  specs:
    capistrano (2.15.5)
      highline
      net-scp (>= 1.0.0)
      net-sftp (>= 2.0.0)
      net-ssh (>= 2.0.14)
      net-ssh-gateway (>= 1.1.0)
    colored (1.2)
    highline (1.7.2)
    net-scp (1.2.1)
      net-ssh (>= 2.6.5)
    net-sftp (2.1.2)
      net-ssh (>= 2.6.5)
    net-ssh (2.9.2)
    net-ssh-gateway (1.2.0)
      net-ssh (>= 2.6.5)
    railsless-deploy (1.1.3)
    ruby-progressbar (1.4.1)
    term-ansicolor (1.3.1)
      tins (~> 1.0)
    tins (1.5.2)

PLATFORMS
  ruby

DEPENDENCIES
  lns-deploy!

BUNDLED WITH
   1.10.3
